GEM
  remote: https://rubygems.org/
  specs:
    amq-protocol (1.9.2)
    bunny (1.2.1)
      amq-protocol (>= 1.9.2)
    rake (10.4.2)

PLATFORMS
  ruby

DEPENDENCIES
  bunny
  rake
